PATH
  remote: .
  specs:
    feishu (0.1.0)
      anyway_config
      httparty
      redis

GEM
  remote: https://rubygems.org/
  specs:
    anyway_config (2.0.6)
      ruby-next-core (>= 0.8.0)
    httparty (0.18.1)
      mime-types (~> 3.0)
      multi_xml (>= 0.5.2)
    mime-types (3.3.1)
      mime-types-data (~> 3.2015)
    mime-types-data (3.2020.0512)
    multi_xml (0.6.0)
    redis (4.2.2)
    ruby-next-core (0.10.5)

PLATFORMS
  ruby

DEPENDENCIES
  feishu!

BUNDLED WITH
   2.1.4
